GEM
  remote: http://rubygems.org/
  specs:
    colored (1.2)
    colorize (0.5.8)
    cri (2.3.0)
      colored (>= 1.2)
    exifr (1.1.3)
    haml (4.0.3)
      tilt
    kramdown (1.1.0)
    nanoc (3.6.4)
      cri (~> 2.3)
    rainpress (1.0)
    sass (3.2.9)
    tilt (1.4.1)

PLATFORMS
  ruby

DEPENDENCIES
  colorize
  exifr
  haml
  kramdown
  nanoc
  rainpress
  sass
